GEM
  remote: http://www.rubygems.org/
  specs:
    axiom_of_choice (1.0.0)
    builder (3.0.0)
    cucumber (1.0.1)
      builder (>= 2.1.2)
      diff-lcs (>= 1.1.2)
      gherkin (~> 2.4.5)
      json (>= 1.4.6)
      term-ansicolor (>= 1.0.5)
    diff-lcs (1.1.2)
    gherkin (2.4.5)
      json (>= 1.4.6)
    json (2.3.1)
    object_regex (1.0.1)
    polyglot (0.3.1)
    rake (0.9.2)
    ripper-plus (1.3.0)
    rspec (2.4.0)
      rspec-core (~> 2.4.0)
      rspec-expectations (~> 2.4.0)
      rspec-mocks (~> 2.4.0)
    rspec-core (2.4.0)
    rspec-expectations (2.4.0)
      diff-lcs (~> 1.1.2)
    rspec-mocks (2.4.0)
    stream (0.5)
    term-ansicolor (1.0.5)
    treetop (1.4.9)
      polyglot (>= 0.3.1)
    trollop (1.16.2)

PLATFORMS
  ruby

DEPENDENCIES
  axiom_of_choice
  cucumber (>= 0.10.0)
  object_regex (~> 1.0)
  rake (~> 0.9.0)
  ripper-plus (~> 1.3.0)
  rspec (~> 2.4.0)
  stream (= 0.5)
  treetop (~> 1.4)
  trollop (~> 1.16.2)
